GEM
  remote: http://rubygems.org/
  specs:
    coderay (1.1.2)
    colored (1.2)
    git (1.3.0)
    method_source (0.9.0)
    mustermann (1.0.1)
    pry (0.11.1)
      coderay (~> 1.1.0)
      method_source (~> 0.9.0)
    rack (2.0.3)
    rack-protection (2.0.0)
      rack
    sinatra (2.0.0)
      mustermann (~> 1.0)
      rack (~> 2.0)
      rack-protection (= 2.0.0)
      tilt (~> 2.0)
    terminal-table (1.8.0)
      unicode-display_width (~> 1.1, >= 1.1.1)
    tilt (2.0.8)
    unicode-display_width (1.3.0)

PLATFORMS
  ruby

DEPENDENCIES
  colored
  git (~> 1.3)
  pry
  sinatra
  terminal-table

BUNDLED WITH
   1.15.4
